GIT
  remote: git://github.com/welaika/guard-compass.git
  revision: 9b4c6de5ed83fa109de0c409fba1ad36cbd81961
  specs:
    guard-compass (0.0.6)
      compass (>= 0.10.5)
      guard (>= 0.2.1)

GEM
  remote: http://rubygems.org/
  specs:
    chunky_png (1.2.0)
    coffee-script (2.2.0)
      coffee-script-source
      execjs
    coffee-script-source (1.1.1)
    compass (0.11.3)
      chunky_png (~> 1.2)
      fssm (>= 0.2.7)
      sass (~> 3.1)
    execjs (1.2.0)
      multi_json (~> 1.0)
    fancy-buttons (1.1.1)
      compass (>= 0.11)
    fssm (0.2.7)
    growl (1.0.3)
    guard (0.4.2)
      thor (~> 0.14.6)
    guard-coffeescript (0.3.0)
      coffee-script (>= 2.2.0)
      guard (>= 0.4)
    json (1.5.3)
    lemonade (0.3.5)
    multi_json (1.0.3)
    rb-fsevent (0.4.0)
    sass (3.1.3)
    thor (0.14.6)

PLATFORMS
  ruby

DEPENDENCIES
  fancy-buttons
  growl
  guard
  guard-coffeescript
  guard-compass!
  json
  lemonade
  rb-fsevent
