GIT
  remote: git://github.com/welaika/guard-compass.git
  revision: 9b4c6de5ed83fa109de0c409fba1ad36cbd81961
  specs:
    guard-compass (0.0.6)
      compass (>= 0.10.5)
      guard (>= 0.2.1)

GEM
  remote: http://rubygems.org/
  specs:
    chunky_png (0.11.1)
    coffee-script (2.1.3)
      coffee-script-source
    coffee-script-source (1.0.1)
    compass (0.10.6)
      haml (>= 3.0.4)
    configuration (1.2.0)
    fancy-buttons (1.0.4)
      compass (>= 0.10.6)
    growl (1.0.3)
    guard (0.2.2)
      open_gem (~> 1.4.2)
      thor (~> 0.14.3)
    guard-coffeescript (0.1.6)
      coffee-script (~> 2.1.1)
      guard (~> 0.2.2)
    haml (3.0.24)
    json (1.5.1)
    launchy (0.3.7)
      configuration (>= 0.0.5)
      rake (>= 0.8.1)
    lemonade (0.3.4)
      chunky_png (>= 0.8.0)
      compass (>= 0.10.0)
      haml (>= 3.0.0)
    open_gem (1.4.2)
      launchy (~> 0.3.5)
    rake (0.8.7)
    rb-fsevent (0.3.9)
    thor (0.14.6)

PLATFORMS
  ruby

DEPENDENCIES
  fancy-buttons
  growl
  guard
  guard-coffeescript
  guard-compass!
  json
  lemonade
  rb-fsevent
